GEM
  remote: http://rubygems.org/
  specs:
    chunky_png (1.2.7)
    compass (0.12.2)
      chunky_png (~> 1.2)
      fssm (>= 0.2.7)
      sass (~> 3.1)
    extensions (0.6.0)
    fssm (0.2.9)
    rake (10.0.3)
    rb-fsevent (0.9.3)
    sass (3.2.5)
    systemu (2.5.2)

PLATFORMS
  ruby

DEPENDENCIES
  compass
  extensions
  rake
  rb-fsevent
  sass
  systemu
